PATH
  remote: .
  specs:
    rulers (0.0.1)
      rack (~> 2.2)

GEM
  remote: https://rubygems.org/
  specs:
    minitest (5.16.3)
    rack (2.2.4)
    rack-test (2.0.2)
      rack (>= 1.3)
    rake (10.5.0)

PLATFORMS
  arm64-darwin-21

DEPENDENCIES
  bundler
  minitest (~> 5.0)
  rack-test
  rake (~> 10.0)
  rulers!

BUNDLED WITH
   2.3.17
