PATH
  remote: .
  specs:
    rulers (0.0.2)
      erubis
      multi_json
      rack (~> 2.2)

GEM
  remote: https://rubygems.org/
  specs:
    erubis (2.7.0)
    minitest (5.16.3)
    multi_json (1.15.0)
    rack (2.2.4)
    rack-test (2.0.2)
      rack (>= 1.3)
    rake (10.5.0)

PLATFORMS
  arm64-darwin-21
  universal-darwin-22

DEPENDENCIES
  bundler
  minitest (~> 5.0)
  rack-test
  rake (~> 10.0)
  rulers!

BUNDLED WITH
   2.3.17
