PATH
  remote: ..
  specs:
    rulers (0.0.2)
      rack (~> 2.2)

GEM
  remote: https://rubygems.org/
  specs:
    nio4r (2.5.8)
    puma (5.6.5)
      nio4r (~> 2.0)
    rack (2.2.4)

PLATFORMS
  arm64-darwin-21

DEPENDENCIES
  puma
  rulers!

BUNDLED WITH
   2.3.17
